GEM
  remote: https://rubygems.org/
  specs:
    highline (2.0.3)
    options (2.3.2)
    plist (3.5.0)
    progress_bar (1.3.0)
      highline (>= 1.6, < 3)
      options (~> 2.3.0)

PLATFORMS
  ruby

DEPENDENCIES
  plist!
  progress_bar!

BUNDLED WITH
   1.17.2
